GEM
  remote: https://rubygems.org/
  specs:
    benchmark (0.1.0)

PLATFORMS
  x64-mingw32

DEPENDENCIES
  benchmark

BUNDLED WITH
   2.1.4
